GEM
  remote: https://rubygems.org/
  specs:
    concurrent-ruby (1.1.9)
    faker (2.19.0)
      i18n (>= 1.6, < 2)
    i18n (1.9.1)
      concurrent-ruby (~> 1.0)

PLATFORMS
  arm64-darwin-21

DEPENDENCIES
  faker (~> 2.19)

BUNDLED WITH
   2.2.31
